GIT
  remote: https://github.com/litaio/lita-slack.git
  revision: 8c02e9f7f8776d3c0f9a2bae20152f2966363cce
  specs:
    lita-slack (1.8.0)
      eventmachine
      faraday
      faye-websocket (>= 0.8.0)
      lita (>= 4.7.1)
      multi_json

PATH
  remote: lita-cuslacking
  specs:
    lita-cuslacking (0.1.0)
      lita (>= 4.7)

GEM
  remote: https://rubygems.org/
  specs:
    byebug (9.1.0)
    ejson (1.1.0)
    eventmachine (1.2.5)
    faraday (0.13.1)
      multipart-post (>= 1.2, < 3)
    faye-websocket (0.10.7)
      eventmachine (>= 0.12.0)
      websocket-driver (>= 0.5.1)
    http_router (0.11.2)
      rack (>= 1.0.0)
      url_mount (~> 0.2.1)
    httparty (0.15.6)
      multi_xml (>= 0.5.2)
    i18n (0.8.6)
    ice_nine (0.11.2)
    json (2.1.0)
    lita (4.7.1)
      bundler (>= 1.3)
      faraday (>= 0.8.7)
      http_router (>= 0.11.2)
      i18n (>= 0.6.9)
      ice_nine (>= 0.11.0)
      multi_json (>= 1.7.7)
      puma (>= 2.7.1)
      rack (>= 1.5.2, < 2.0.0)
      rb-readline (>= 0.5.1)
      redis-namespace (>= 1.3.0)
      thor (>= 0.18.1)
    multi_json (1.12.2)
    multi_xml (0.6.0)
    multipart-post (2.0.0)
    puma (3.10.0)
    rack (1.6.8)
    rb-readline (0.5.5)
    redis (3.3.3)
    redis-namespace (1.5.3)
      redis (~> 3.0, >= 3.0.4)
    thor (0.20.0)
    url_mount (0.2.1)
      rack
    websocket-driver (0.7.0)
      websocket-extensions (>= 0.1.0)
    websocket-extensions (0.1.2)

PLATFORMS
  ruby

DEPENDENCIES
  byebug
  ejson
  httparty
  json
  lita
  lita-cuslacking!
  lita-slack!

BUNDLED WITH
   1.15.4
